GEM
  remote: https://rubygems.org/
  specs:
    clamp (0.6.3)
    colorize (0.7.3)
    highline (1.6.21)
    mixlib-shellout (2.2.1)
    trollop (2.0)

PLATFORMS
  ruby

DEPENDENCIES
  clamp
  colorize
  highline
  mixlib-shellout
  trollop

BUNDLED WITH
   1.11.2
