GEM
  remote: https://rubygems.org/
  specs:
    clamp (0.6.3)
    highline (1.6.21)
    trollop (2.0)

PLATFORMS
  ruby

DEPENDENCIES
  clamp
  highline
  trollop
